GEM
  remote: https://rubygems.org/
  specs:
    dotenv (2.8.1)
    json (2.6.2)
    multi_json (1.15.0)
    mustermann (3.0.0)
      ruby2_keywords (~> 0.0.1)
    pg (1.4.4)
    rack (2.2.4)
    rack-protection (3.0.2)
      rack
    rake (13.0.6)
    ruby2_keywords (0.0.5)
    sequel (5.61.0)
    sequel-seed (1.1.2)
      sequel (>= 4.49.0)
    sinatra (3.0.2)
      mustermann (~> 3.0)
      rack (~> 2.2, >= 2.2.4)
      rack-protection (= 3.0.2)
      tilt (~> 2.0)
    sinatra-contrib (3.0.2)
      multi_json
      mustermann (~> 3.0)
      rack-protection (= 3.0.2)
      sinatra (= 3.0.2)
      tilt (~> 2.0)
    tilt (2.0.11)

PLATFORMS
  ruby

DEPENDENCIES
  dotenv
  json
  pg
  rack
  rake
  sequel
  sequel-seed
  sinatra
  sinatra-contrib

BUNDLED WITH
   2.1.4
